PATH
  remote: .
  specs:
    example_gem (0.0.1)

GEM
  remote: https://rubygems.org/
  specs:
    minitest (5.8.2)
    rake (10.4.2)

PLATFORMS
  ruby

DEPENDENCIES
  bundler (~> 1.7)
  example_gem!
  minitest (~> 5.8)
  rake (~> 10.0)

BUNDLED WITH
   1.10.6
